GEM
  remote: https://rubygems.org/
  specs:
    highline (2.0.2)
    json_pure (2.2.0)
    thor (0.20.3)
    vimgolf (0.4.8)
      highline
      json_pure
      thor (>= 0.14.6)

PLATFORMS
  ruby

DEPENDENCIES
  vimgolf

BUNDLED WITH
   1.17.2
